GEM
  remote: https://rubygems.org/
  specs:
    coderay (1.1.3)
    method_source (1.0.0)
    pry (0.14.2)
      coderay (~> 1.1)
      method_source (~> 1.0)
    require_all (3.0.0)
    require_relative (1.0.3)

PLATFORMS
  ruby
  x86_64-linux

DEPENDENCIES
  pry
  require_all
  require_relative

BUNDLED WITH
   2.4.6
